GEM
  remote: https://rubygems.org/
  specs:
    activesupport (3.2.12)
      i18n (~> 0.6)
      multi_json (~> 1.0)
    builder (3.2.0)
    coderay (1.0.9)
    colored (1.2)
    cucumber (1.2.3)
      builder (>= 2.1.2)
      diff-lcs (>= 1.1.3)
      gherkin (~> 2.11.6)
      multi_json (~> 1.3)
    diff-lcs (1.2.1)
    dnssd (2.0)
    frank-cucumber (1.1.8)
      cucumber
      dnssd
      i18n
      json
      plist
      rspec (>= 2.0)
      sim_launcher (>= 0.4.6)
      thor
      xcodeproj
    gherkin (2.11.6)
      json (>= 1.7.6)
    i18n (0.6.4)
    json (1.7.7)
    method_source (0.8.1)
    multi_json (1.7.2)
    plist (3.1.0)
    pry (0.9.12)
      coderay (~> 1.0.5)
      method_source (~> 0.8)
      slop (~> 3.4)
    rack (1.5.2)
    rack-protection (1.5.0)
      rack
    rspec (2.13.0)
      rspec-core (~> 2.13.0)
      rspec-expectations (~> 2.13.0)
      rspec-mocks (~> 2.13.0)
    rspec-core (2.13.1)
    rspec-expectations (2.13.0)
      diff-lcs (>= 1.1.3, < 2.0)
    rspec-mocks (2.13.0)
    sim_launcher (0.4.6)
      sinatra
    sinatra (1.4.2)
      rack (~> 1.5, >= 1.5.2)
      rack-protection (~> 1.4)
      tilt (~> 1.3, >= 1.3.4)
    slop (3.4.4)
    thor (0.17.0)
    tilt (1.3.6)
    xcodeproj (0.5.2)
      activesupport (~> 3.2.6)
      colored (~> 1.2)
    xmpp4r (0.5)

PLATFORMS
  ruby

DEPENDENCIES
  frank-cucumber
  pry
  rspec
  xmpp4r
